GEM
  remote: http://rubygems.org/
  specs:
    compass (0.10.6)
      haml (>= 3.0.4)
    crack (0.1.8)
    haml (3.0.25)
    httparty (0.7.4)
      crack (= 0.1.8)
    nokogiri (1.4.4)
    rack (1.2.2)
    sinatra (1.2.1)
      rack (~> 1.1)
      tilt (< 2.0, >= 1.2.2)
    tilt (1.2.2)

PLATFORMS
  ruby

DEPENDENCIES
  compass
  haml
  httparty
  nokogiri
  rack
  sinatra
